GEM
  remote: http://rubygems.org/
  specs:
    activemodel (6.0.2.1)
      activesupport (= 6.0.2.1)
    activerecord (6.0.2.1)
      activemodel (= 6.0.2.1)
      activesupport (= 6.0.2.1)
    activesupport (6.0.2.1)
      concurrent-ruby (~> 1.0, >= 1.0.2)
      i18n (>= 0.7, < 2)
      minitest (~> 5.1)
      tzinfo (~> 1.1)
      zeitwerk (~> 2.2)
    backports (3.15.0)
    builder (3.2.4)
    coderay (1.1.2)
    concurrent-ruby (1.1.5)
    i18n (1.8.2)
      concurrent-ruby (~> 1.0)
    mail (2.7.1)
      mini_mime (>= 0.1.1)
    method_source (0.9.2)
    mini_mime (1.0.2)
    mini_portile2 (2.6.1)
    minitest (5.14.0)
    multi_json (1.14.1)
    mustermann (1.1.1)
      ruby2_keywords (~> 0.0.1)
    nio4r (2.5.2)
    nokogiri (1.12.5)
      mini_portile2 (~> 2.6.1)
      racc (~> 1.4)
    pg (1.2.2)
    pony (1.13.1)
      mail (>= 2.0)
    pry (0.12.2)
      coderay (~> 1.1.0)
      method_source (~> 0.9.0)
    puma (4.3.1)
      nio4r (~> 2.0)
    racc (1.5.2)
    rack (2.1.1)
    rack-protection (2.0.8.1)
      rack
    rake (13.0.1)
    ruby2_keywords (0.0.2)
    sinatra (2.0.8.1)
      mustermann (~> 1.0)
      rack (~> 2.0)
      rack-protection (= 2.0.8.1)
      tilt (~> 2.0)
    sinatra-activerecord (2.0.14)
      activerecord (>= 3.2)
      sinatra (>= 1.0)
    sinatra-contrib (2.0.8.1)
      backports (>= 2.8.2)
      multi_json
      mustermann (~> 1.0)
      rack-protection (= 2.0.8.1)
      sinatra (= 2.0.8.1)
      tilt (~> 2.0)
    sqlite3 (1.4.2)
    thread_safe (0.3.6)
    tilt (2.0.10)
    tzinfo (1.2.6)
      thread_safe (~> 0.1)
    zeitwerk (2.2.2)

PLATFORMS
  ruby

DEPENDENCIES
  builder
  nokogiri
  pg
  pony
  pry
  puma
  rake
  sinatra
  sinatra-activerecord
  sinatra-contrib
  sqlite3

BUNDLED WITH
   1.17.2
